{
	"TaskName": "imagery",
	"Manufacturer": "Compumedics Neuroscan",
	"PowerLineFrequency": 60.0,
	"SamplingFrequency": 1000.0,
	"SoftwareFilters": "n/a",
	"RecordingDuration": 200.919,
	"RecordingType": "continuous",
	"EEGReference": "between Cz and CPz",
	"EEGGround": "n/a",
	"EEGPlacementScheme": "10-05 system",
	"EEGChannelCount": 64,
	"EOGChannelCount": 0,
	"ECGChannelCount": 0,
	"EMGChannelCount": 0,
	"TriggerChannelCount": 0,
	"ManufacturersModelName": "Neuroscan Quik-Cap 64-ch, SynAmps 2/RT",
	"SoftwareVersions": "n/a",
	"HardwareFilters": {
		"HardwareFilter": {
			"lowpass": 200,
			"notch_hz": 60
		}
	},
	"TaskDescription": "5-session BCI study with motor imagery (MI), overt spatial attention (OSA), and combined (MIOSA) tasks Trial duration: 6.0s, imagery: 6.0s.",
	"Instructions": "n/a",
	"CogAtlasID": "https://www.cognitiveatlas.org/task/id/trm_4c8a834779883/",
	"InstitutionName": "Carnegie Mellon University",
	"InstitutionAddress": "US",
	"InstitutionalDepartmentName": "Department of Biomedical Engineering",
	"CapManufacturer": "n/a",
	"CapManufacturersModelName": "n/a",
	"SubjectArtefactDescription": "n/a",
	"DeviceSerialNumber": "n/a",
	"Description": "EEG recording.",
	"MISCChannelCount": 0
}